GIT
  remote: https://github.com/seomoz/qless.git
  revision: 9585ffd75d4fb9bda0a0275088c9f3c595328839
  specs:
    qless (0.11.0)
      metriks (~> 0.9)
      redis (>= 2.2, < 4.0.0.rc1)
      rusage (~> 0.2.0)
      sentry-raven (~> 0.15.6)
      sinatra (>= 1.3, < 2.1)
      statsd-ruby (~> 1.3)
      thin (~> 1.6)
      thor (~> 0.19.1)
      vegas (~> 0.1.11)

GEM
  remote: https://www.rubygems.org/
  specs:
    atomic (1.1.99)
    avl_tree (1.2.1)
      atomic (~> 1.1)
    daemons (1.2.5)
    eventmachine (1.2.5)
    faraday (0.13.1)
      multipart-post (>= 1.2, < 3)
    hitimes (1.2.6)
    metriks (0.9.9.8)
      atomic (~> 1.0)
      avl_tree (~> 1.2.0)
      hitimes (~> 1.1)
    multipart-post (2.0.0)
    mustermann (1.0.1)
    rack (2.0.3)
    rack-protection (2.0.0)
      rack
    redis (3.3.5)
    rusage (0.2.0)
    sentry-raven (0.15.6)
      faraday (>= 0.7.6)
    sinatra (2.0.0)
      mustermann (~> 1.0)
      rack (~> 2.0)
      rack-protection (= 2.0.0)
      tilt (~> 2.0)
    statsd-ruby (1.4.0)
    thin (1.7.2)
      daemons (~> 1.0, >= 1.0.9)
      eventmachine (~> 1.0, >= 1.0.4)
      rack (>= 1, < 3)
    thor (0.19.4)
    tilt (2.0.8)
    vegas (0.1.11)
      rack (>= 1.0.0)

PLATFORMS
  ruby

DEPENDENCIES
  qless!
  rack
  sinatra

BUNDLED WITH
   1.14.5
