GIT
  remote: https://github.com/seomoz/qless.git
  revision: 5e7a2204419e7edf5625a24e0eced0f4f41f6c19
  specs:
    qless (0.10.0.pre2)
      redis (>= 2.2)

GEM
  remote: https://www.rubygems.org/
  specs:
    rack (1.6.4)
    rack-protection (1.5.3)
      rack
    redis (3.2.1)
    sinatra (1.4.6)
      rack (~> 1.4)
      rack-protection (~> 1.4)
      tilt (>= 1.3, < 3)
    tilt (2.0.1)

PLATFORMS
  ruby

DEPENDENCIES
  qless!
  rack
  sinatra

BUNDLED WITH
   1.10.6
